GEM
  remote: https://rubygems.org/
  remote: https://gems.gemfury.com/vo6ZrmjBQu5szyywDszE/
  specs:
    PriorityQueue (0.1.2)
    actionmailer (3.2.3)
      actionpack (= 3.2.3)
      mail (~> 2.4.4)
    actionpack (3.2.3)
      activemodel (= 3.2.3)
      activesupport (= 3.2.3)
      builder (~> 3.0.0)
      erubis (~> 2.7.0)
      journey (~> 1.0.1)
      rack (~> 1.4.0)
      rack-cache (~> 1.2)
      rack-test (~> 0.6.1)
      sprockets (~> 2.1.2)
    activemodel (3.2.3)
      activesupport (= 3.2.3)
      builder (~> 3.0.0)
    activerecord (3.2.3)
      activemodel (= 3.2.3)
      activesupport (= 3.2.3)
      arel (~> 3.0.2)
      tzinfo (~> 0.3.29)
    activeresource (3.2.3)
      activemodel (= 3.2.3)
      activesupport (= 3.2.3)
    activesupport (3.2.3)
      i18n (~> 0.6)
      multi_json (~> 1.0)
    arel (3.0.2)
    builder (3.0.0)
    capistrano (2.12.0)
      highline
      net-scp (>= 1.0.0)
      net-sftp (>= 2.0.0)
      net-ssh (>= 2.0.14)
      net-ssh-gateway (>= 1.1.0)
    ci_reporter (1.7.0)
      builder (>= 2.1.2)
    coffee-rails (3.2.2)
      coffee-script (>= 2.2.0)
      railties (~> 3.2.0)
    coffee-script (2.2.0)
      coffee-script-source
      execjs
    coffee-script-source (1.3.3)
    columnize (0.3.6)
    database_cleaner (0.7.2)
    debugger (1.1.3)
      columnize (>= 0.3.1)
      debugger-linecache (~> 1.1.1)
      debugger-ruby_core_source (~> 1.1.2)
    debugger-linecache (1.1.1)
      debugger-ruby_core_source (>= 1.1.1)
    debugger-ruby_core_source (1.1.2)
    diff-lcs (1.1.3)
    domain_name (0.5.3)
      unf (~> 0.0.3)
    erubis (2.7.0)
    execjs (1.3.2)
      multi_json (~> 1.0)
    factory_girl (3.3.0)
      activesupport (>= 3.0.0)
    factory_girl_rails (3.3.0)
      factory_girl (~> 3.3.0)
      railties (>= 3.0.0)
    fakeweb (1.3.0)
    forgery (0.5.0)
    friendly_id (4.0.5)
    gds-api-adapters (0.0.47)
      lrucache (~> 0.1.1)
      null_logger
      plek
    hashr (0.0.21)
    highline (1.6.12)
    hike (1.2.1)
    i18n (0.6.0)
    journey (1.0.3)
    jquery-rails (2.0.2)
      railties (>= 3.2.0, < 5.0)
      thor (~> 0.14)
    jruby-pageant (1.0.2)
    json (1.7.3)
    kaminari (0.13.0)
      actionpack (>= 3.0.0)
      activesupport (>= 3.0.0)
      railties (>= 3.0.0)
    kgio (2.7.4)
    libv8 (3.3.10.4)
    lrucache (0.1.3)
      PriorityQueue (~> 0.1.2)
    mail (2.4.4)
      i18n (>= 0.4.0)
      mime-types (~> 1.16)
      treetop (~> 1.4.8)
    mechanize (2.5.1)
      domain_name (~> 0.5, >= 0.5.1)
      mime-types (~> 1.17, >= 1.17.2)
      net-http-digest_auth (~> 1.1, >= 1.1.1)
      net-http-persistent (~> 2.5, >= 2.5.2)
      nokogiri (~> 1.4)
      ntlm-http (~> 0.1, >= 0.1.1)
      webrobots (~> 0.0, >= 0.0.9)
    metaclass (0.0.1)
    mime-types (1.18)
    mocha (0.11.4)
      metaclass (~> 0.0.1)
    multi_json (1.3.5)
    mysql2 (0.3.11)
    net-http-digest_auth (1.2)
    net-http-persistent (2.6)
    net-scp (1.0.4)
      net-ssh (>= 1.99.1)
    net-sftp (2.0.5)
      net-ssh (>= 2.0.9)
    net-ssh (2.4.0)
      jruby-pageant (>= 1.0.2)
    net-ssh-gateway (1.1.0)
      net-ssh (>= 1.99.1)
    nokogiri (1.5.2)
    ntlm-http (0.1.1)
    null_logger (0.0.1)
    plek (0.1.22)
      builder
    polyglot (0.3.3)
    progressbar (0.11.0)
    rack (1.4.1)
    rack-cache (1.2)
      rack (>= 0.4)
    rack-ssl (1.3.2)
      rack
    rack-test (0.6.1)
      rack (>= 1.0)
    rails (3.2.3)
      actionmailer (= 3.2.3)
      actionpack (= 3.2.3)
      activerecord (= 3.2.3)
      activeresource (= 3.2.3)
      activesupport (= 3.2.3)
      bundler (~> 1.0)
      railties (= 3.2.3)
    railties (3.2.3)
      actionpack (= 3.2.3)
      activesupport (= 3.2.3)
      rack-ssl (~> 1.3.2)
      rake (>= 0.8.7)
      rdoc (~> 3.4)
      thor (~> 0.14.6)
    raindrops (0.8.1)
    rake (0.9.2.2)
    rdoc (3.12)
      json (~> 1.4)
    rest-client (1.6.7)
      mime-types (>= 1.16)
    rspec (2.10.0)
      rspec-core (~> 2.10.0)
      rspec-expectations (~> 2.10.0)
      rspec-mocks (~> 2.10.0)
    rspec-core (2.10.0)
    rspec-expectations (2.10.0)
      diff-lcs (~> 1.1.3)
    rspec-mocks (2.10.1)
    rspec-rails (2.10.1)
      actionpack (>= 3.0)
      activesupport (>= 3.0)
      railties (>= 3.0)
      rspec (~> 2.10.0)
    ruby-ole (1.2.11.3)
    sass (3.1.18)
    sass-rails (3.2.5)
      railties (~> 3.2.0)
      sass (>= 3.1.10)
      tilt (~> 1.3)
    shoulda-matchers (1.1.0)
      activesupport (>= 3.0.0)
    simple_form (2.0.2)
      actionpack (~> 3.0)
      activemodel (~> 3.0)
    simplecov (0.6.4)
      multi_json (~> 1.0)
      simplecov-html (~> 0.5.3)
    simplecov-html (0.5.3)
    simplecov-rcov (0.2.3)
      simplecov (>= 0.4.1)
    slimmer (1.1.40)
      gds-api-adapters (~> 0.0.33)
      json
      nokogiri (~> 1.5.0)
      null_logger
      plek (>= 0.1.8)
      rack (>= 1.3.5)
    spreadsheet (0.7.1)
      ruby-ole (>= 1.0)
    sprockets (2.1.3)
      hike (~> 1.2)
      rack (~> 1.0)
      tilt (~> 1.1, != 1.3.0)
    test-unit (2.4.8)
    therubyracer (0.10.1)
      libv8 (~> 3.3.10)
    thor (0.14.6)
    tilt (1.3.3)
    tire (0.4.2)
      activemodel (>= 3.0)
      hashr (~> 0.0.19)
      multi_json (~> 1.0)
      rake
      rest-client (~> 1.6)
    treetop (1.4.10)
      polyglot
      polyglot (>= 0.3.1)
    tzinfo (0.3.33)
    uglifier (1.2.4)
      execjs (>= 0.3.0)
      multi_json (>= 1.0.2)
    unf (0.0.5)
      unf_ext
    unf_ext (0.0.4)
    unicorn (4.3.1)
      kgio (~> 2.6)
      rack
      raindrops (~> 0.7)
    webrobots (0.0.13)

PLATFORMS
  ruby

DEPENDENCIES
  capistrano
  ci_reporter
  coffee-rails (~> 3.2.1)
  database_cleaner
  debugger
  factory_girl_rails
  fakeweb
  forgery
  friendly_id
  gds-api-adapters (~> 0.0.43)
  jquery-rails
  kaminari
  mechanize
  mocha
  mysql2
  plek
  progressbar
  rails (= 3.2.3)
  rspec-rails
  sass-rails (~> 3.2.3)
  shoulda-matchers
  simple_form
  simplecov
  simplecov-rcov
  slimmer (~> 1.1)
  spreadsheet
  test-unit
  therubyracer
  tire
  uglifier (>= 1.0.3)
  unicorn
